GEM
  remote: https://rubygems.org/
  specs:
    rouge (4.4.0)

PLATFORMS
  arm64-darwin-23
  ruby

DEPENDENCIES
  rouge

BUNDLED WITH
   2.5.22
