GEM
  remote: https://rubygems.org/
  specs:
    rouge (4.6.1)

PLATFORMS
  arm64-darwin-24
  ruby

DEPENDENCIES
  rouge (~> 4.0)

BUNDLED WITH
   2.6.2
